GEM
  remote: https://rubygems.org/
  specs:
    haml (4.0.6)
      tilt
    httpclient (2.6.0.1)
    multi_json (1.11.2)
    oj (2.12.10)
    puma (2.12.2)
    rack (1.6.4)
    rack-protection (1.5.3)
      rack
    sinatra (1.4.6)
      rack (~> 1.4)
      rack-protection (~> 1.4)
      tilt (>= 1.3, < 3)
    sprockets (3.2.0)
      rack (~> 1.0)
    tilt (2.0.1)

PLATFORMS
  ruby

DEPENDENCIES
  haml
  httpclient
  multi_json
  oj
  puma
  sinatra
  sprockets

BUNDLED WITH
   1.10.6
